GEM
  remote: https://rubygems.org/
  specs:
    base32 (0.3.2)
    bencode (0.8.2)
    rack (1.6.4)

PLATFORMS
  ruby

DEPENDENCIES
  base32
  bencode
  rack
